PATH
  remote: .
  specs:
    resumable_job (0.1.2)

GEM
  remote: https://rubygems.org/
  specs:
    docile (1.3.2)
    json (2.2.0)
    minitest (5.12.2)
    rake (13.0.1)
    simplecov (0.17.1)
      docile (~> 1.1)
      json (>= 1.8, < 3)
      simplecov-html (~> 0.10.0)
    simplecov-html (0.10.2)

PLATFORMS
  ruby
  x64-mingw32

DEPENDENCIES
  bundler (~> 1.16)
  minitest (~> 5.0)
  rake (~> 13.0)
  resumable_job!
  simplecov

BUNDLED WITH
   1.16.2
