PATH
  remote: .
  specs:
    resumable_job (0.1.2)

GEM
  remote: https://rubygems.org/
  specs:
    docile (1.3.4)
    minitest (5.16.2)
    rake (13.0.6)
    simplecov (0.21.2)
      docile (~> 1.1)
      simplecov-html (~> 0.11)
      simplecov_json_formatter (~> 0.1)
    simplecov-html (0.12.3)
    simplecov_json_formatter (0.1.2)

PLATFORMS
  ruby
  x64-mingw32

DEPENDENCIES
  bundler (~> 2)
  minitest (~> 5.0)
  rake (~> 13.0)
  resumable_job!
  simplecov (~> 0.21)

BUNDLED WITH
   2.1.4
